GEM
  remote: http://rubygems.org/
  specs:
    ansi (1.4.3)
    builder (3.2.2)
    docile (1.1.3)
    j2r-core (1.1.0)
    j2r-jaccess (1.1.0)
    minitest (5.3.4)
    minitest-reporters (1.0.4)
      ansi
      builder
      minitest (>= 5.0)
      ruby-progressbar
    multi_json (1.10.1)
    mysql2 (0.3.13)
    pdf-core (0.2.5)
    prawn (1.0.0)
      pdf-core (~> 0.2.2)
      ttfunk (~> 1.1.1)
    qtbindings (4.8.5.2-x86-mingw32)
      qtbindings-qt (= 4.8.5)
    qtbindings-qt (4.8.5-x86-mingw32)
    rake (10.3.2)
    ruby-progressbar (1.5.1)
    sequel (4.10.0)
    simplecov (0.8.2)
      docile (~> 1.1.0)
      multi_json
      simplecov-html (~> 0.8.0)
    simplecov-html (0.8.0)
    ttfunk (1.1.1)
    yard (0.8.7.4)

PLATFORMS
  x86-mingw32

DEPENDENCIES
  j2r-core
  j2r-jaccess
  minitest
  minitest-reporters
  mysql2 (= 0.3.13)
  prawn
  qtbindings
  rake
  sequel
  simplecov
  yard
